PATH
  remote: .
  specs:
    viadeo (0.2.2)
      activesupport (~> 3.2)
      curb (~> 0.8)
      hashie (>= 1.1.0)
      multi_json (>= 1.0.3)
      oauth (>= 0.4.5)

GEM
  remote: http://rubygems.org/
  specs:
    activesupport (3.2.13)
      i18n (= 0.6.1)
      multi_json (~> 1.0)
    addressable (2.2.6)
    crack (0.3.1)
    curb (0.8.3)
    diff-lcs (1.2.1)
    hashie (2.0.3)
    i18n (0.6.1)
    json (1.6.1)
    multi_json (1.0.3)
    oauth (0.4.7)
    rack (1.5.2)
    rack-protection (1.5.0)
      rack
    rake (0.9.2)
    rdoc (3.10)
      json (~> 1.4)
    rspec (2.13.0)
      rspec-core (~> 2.13.0)
      rspec-expectations (~> 2.13.0)
      rspec-mocks (~> 2.13.0)
    rspec-core (2.13.1)
    rspec-expectations (2.13.0)
      diff-lcs (>= 1.1.3, < 2.0)
    rspec-mocks (2.13.0)
    simplecov (0.5.4)
      multi_json (~> 1.0.3)
      simplecov-html (~> 0.5.3)
    simplecov-html (0.5.3)
    sinatra (1.4.1)
      rack (~> 1.5, >= 1.5.2)
      rack-protection (~> 1.4)
      tilt (~> 1.3, >= 1.3.4)
    tilt (1.3.6)
    vcr (1.11.3)
    webmock (1.7.7)
      addressable (~> 2.2, > 2.2.5)
      crack (>= 0.1.7)

PLATFORMS
  ruby

DEPENDENCIES
  jruby-openssl (~> 0.7)
  json (>= 1.6)
  rake (>= 0.9)
  rdoc (>= 3.8)
  rspec (>= 2.6)
  simplecov (>= 0.5)
  sinatra
  vcr (>= 1.10)
  viadeo!
  webmock (>= 1.7)
